GEM
  remote: https://rubygems.org/
  specs:
    builder (3.2.2)
    curb (0.8.4)
    excon (0.25.3)
    fog (1.14.0)
      builder
      excon (~> 0.25.0)
      formatador (~> 0.2.0)
      mime-types
      multi_json (~> 1.0)
      net-scp (~> 1.1)
      net-ssh (>= 2.1.3)
      nokogiri (~> 1.5)
      ruby-hmac
    formatador (0.2.4)
    gmetric (0.1.3)
    json (1.8.0)
    mime-types (1.23)
    mini_portile (0.5.1)
    multi_json (1.7.7)
    net-scp (1.1.2)
      net-ssh (>= 2.6.5)
    net-ssh (2.6.8)
    nokogiri (1.6.0)
      mini_portile (~> 0.5.0)
    ruby-hmac (0.4.0)
    xml-simple (1.1.2)

PLATFORMS
  ruby

DEPENDENCIES
  curb
  fog
  gmetric
  json
  xml-simple
